GEM
  remote: https://rubygems.org/
  specs:
    cinch (2.3.2)
    dotenv (2.1.1)
    faraday (0.9.2)
      multipart-post (>= 1.2, < 3)
    http_router (0.11.2)
      rack (>= 1.0.0)
      url_mount (~> 0.2.1)
    i18n (0.7.0)
    ice_nine (0.11.2)
    lita (4.7.0)
      bundler (>= 1.3)
      faraday (>= 0.8.7)
      http_router (>= 0.11.2)
      i18n (>= 0.6.9)
      ice_nine (>= 0.11.0)
      multi_json (>= 1.7.7)
      puma (>= 2.7.1)
      rack (>= 1.5.2)
      rb-readline (>= 0.5.1)
      redis-namespace (>= 1.3.0)
      thor (>= 0.18.1)
    lita-catme (0.1.1)
      lita (~> 4.7)
      nokogiri (~> 1.6.7)
    lita-dotenv (0.9.0)
      dotenv (~> 2.0)
      lita (>= 4.4)
    lita-irc (2.0.3)
      cinch (>= 2.0)
      lita (>= 4.0)
    lita-karma (3.0.2)
      lita (>= 4.0)
    mini_portile2 (2.1.0)
    multi_json (1.12.1)
    multipart-post (2.0.0)
    nokogiri (1.6.8)
      mini_portile2 (~> 2.1.0)
      pkg-config (~> 1.1.7)
    pkg-config (1.1.7)
    puma (3.6.0)
    rack (2.0.1)
    rb-readline (0.5.3)
    redis (3.3.1)
    redis-namespace (1.5.2)
      redis (~> 3.0, >= 3.0.4)
    thor (0.19.1)
    url_mount (0.2.1)
      rack

PLATFORMS
  ruby

DEPENDENCIES
  lita
  lita-catme
  lita-dotenv
  lita-irc
  lita-karma

BUNDLED WITH
   1.12.5
